PATH
  remote: .
  specs:
    yandex_translator (0.1.1)

GEM
  remote: https://rubygems.org/
  specs:
    minitest (5.11.3)
    rake (10.5.0)

PLATFORMS
  x64-mingw32

DEPENDENCIES
  bundler (~> 1.17)
  minitest (~> 5.0)
  rake (~> 10.0)
  yandex_translator!

BUNDLED WITH
   1.17.1
